PATH
  remote: .
  specs:
    lutaml-model (0.7.0)
      base64
      liquid (~> 5)
      moxml (>= 0.1.2)
      thor

GEM
  remote: https://rubygems.org/
  specs:
    ansi (1.5.0)
    ast (2.4.2)
    base64 (0.2.0)
    benchmark-ips (2.14.0)
    bigdecimal (3.1.8)
    citrus (3.0.2)
    coderay (1.1.3)
    diff-lcs (1.5.1)
    equivalent-xml (0.6.0)
      nokogiri (>= 1.4.3)
    json (2.7.2)
    language_server-protocol (3.17.0.3)
    liquid (5.6.0)
      bigdecimal
      strscan
    lutaml-xsd (1.0.3)
      lutaml-model (~> 0.5)
      zeitwerk
    method_source (1.1.0)
    moxml (0.1.3)
    multi_json (1.15.0)
    nokogiri (1.16.7-arm64-darwin)
      racc (~> 1.4)
    oga (3.4)
      ast
      ruby-ll (~> 2.1)
    ox (2.14.18)
    parallel (1.26.3)
    parser (3.3.4.2)
      ast (~> 2.4.1)
      racc
    pry (0.14.2)
      coderay (~> 1.1)
      method_source (~> 1.0)
    racc (1.8.1)
    rainbow (3.1.1)
    rake (13.2.1)
    regexp_parser (2.9.2)
    rexml (3.3.5)
      strscan
    rspec (3.13.0)
      rspec-core (~> 3.13.0)
      rspec-expectations (~> 3.13.0)
      rspec-mocks (~> 3.13.0)
    rspec-core (3.13.0)
      rspec-support (~> 3.13.0)
    rspec-expectations (3.13.1)
      diff-lcs (>= 1.2.0, < 2.0)
      rspec-support (~> 3.13.0)
    rspec-mocks (3.13.1)
      diff-lcs (>= 1.2.0, < 2.0)
      rspec-support (~> 3.13.0)
    rspec-support (3.13.1)
    rubocop (1.65.1)
      json (~> 2.3)
      language_server-protocol (>= 3.17.0)
      parallel (~> 1.10)
      parser (>= 3.3.0.2)
      rainbow (>= 2.2.2, < 4.0)
      regexp_parser (>= 2.4, < 3.0)
      rexml (>= 3.2.5, < 4.0)
      rubocop-ast (>= 1.31.1, < 2.0)
      ruby-progressbar (~> 1.7)
      unicode-display_width (>= 2.4.0, < 3.0)
    rubocop-ast (1.32.1)
      parser (>= 3.3.1.0)
    rubocop-performance (1.21.1)
      rubocop (>= 1.48.1, < 2.0)
      rubocop-ast (>= 1.31.1, < 2.0)
    rubocop-rake (0.6.0)
      rubocop (~> 1.0)
    rubocop-rspec (3.0.4)
      rubocop (~> 1.61)
    ruby-ll (2.1.3)
      ansi
      ast
    ruby-progressbar (1.13.0)
    strscan (3.1.0)
    thor (1.3.2)
    toml-rb (3.0.1)
      citrus (~> 3.0, > 3.0)
      racc (~> 1.7)
    tomlib (0.7.2)
      bigdecimal
    unicode-display_width (2.5.0)
    zeitwerk (2.6.18)

PLATFORMS
  arm64-darwin-23

DEPENDENCIES
  benchmark-ips
  bigdecimal
  equivalent-xml
  liquid
  lutaml-model!
  lutaml-xsd
  multi_json
  nokogiri
  oga
  ox
  pry
  rake (~> 13.0)
  rspec (~> 3.0)
  rubocop (~> 1.21)
  rubocop-performance
  rubocop-rake
  rubocop-rspec
  toml-rb
  tomlib

BUNDLED WITH
   2.3.26
